PATH
  remote: rubocop-inheritance-bug-gem
  specs:
    rubocop-inheritance-bug-gem (0.1.0)
      rubocop-rspec (= 1.21.0)

GEM
  remote: https://rubygems.org/
  specs:
    ast (2.3.0)
    parallel (1.12.0)
    parser (2.4.0.2)
      ast (~> 2.3)
    powerpack (0.1.1)
    rainbow (3.0.0)
    rubocop (0.52.0)
      parallel (~> 1.10)
      parser (>= 2.4.0.2, < 3.0)
      powerpack (~> 0.1)
      rainbow (>= 2.2.2, < 4.0)
      ruby-progressbar (~> 1.7)
      unicode-display_width (~> 1.0, >= 1.0.1)
    rubocop-rspec (1.21.0)
      rubocop (>= 0.52.0)
    ruby-progressbar (1.9.0)
    unicode-display_width (1.3.0)

PLATFORMS
  ruby

DEPENDENCIES
  rubocop (= 0.52.0)
  rubocop-inheritance-bug-gem!

BUNDLED WITH
   1.16.0
